GEM
  remote: https://rubygems.org/
  specs:
    coderay (1.1.3)
    google-protobuf (3.25.4)
    google-protobuf (3.25.4-aarch64-linux)
    google-protobuf (3.25.4-arm64-darwin)
    google-protobuf (3.25.4-x86-linux)
    google-protobuf (3.25.4-x86_64-darwin)
    google-protobuf (3.25.4-x86_64-linux)
    method_source (1.1.0)
    pry (0.14.2)
      coderay (~> 1.1)
      method_source (~> 1.0)
    pry-doc (1.5.0)
      pry (~> 0.11)
      yard (~> 0.9.11)
    yard (0.9.37)

PLATFORMS
  aarch64-linux
  arm64-darwin
  ruby
  x86-linux
  x86_64-darwin
  x86_64-linux

DEPENDENCIES
  google-protobuf (= 3.25.4)
  pry
  pry-doc

BUNDLED WITH
   2.5.16
